GEM
  remote: http://rubygems.org/
  specs:
    activesupport (4.0.0)
      i18n (~> 0.6, >= 0.6.4)
      minitest (~> 4.2)
      multi_json (~> 1.3)
      thread_safe (~> 0.1)
      tzinfo (~> 0.3.37)
    atomic (1.1.10)
    capybara (2.1.0)
      mime-types (>= 1.16)
      nokogiri (>= 1.3.3)
      rack (>= 1.0.0)
      rack-test (>= 0.5.4)
      xpath (~> 2.0)
    diff-lcs (1.2.4)
    eventmachine (1.0.3)
    faye-websocket (0.4.7)
      eventmachine (>= 0.12.0)
    git (1.2.5)
    http_parser.rb (0.5.3)
    i18n (0.6.4)
    jeweler (1.8.4)
      bundler (~> 1.0)
      git (>= 1.2.5)
      rake
      rdoc
    json (1.8.0)
    mime-types (1.23)
    mini_portile (0.5.1)
    minitest (4.7.5)
    multi_json (1.7.7)
    nokogiri (1.6.0)
      mini_portile (~> 0.5.0)
    poltergeist (1.3.0)
      capybara (~> 2.1.0)
      faye-websocket (>= 0.4.4, < 0.5.0)
      http_parser.rb (~> 0.5.3)
    rack (1.5.2)
    rack-test (0.6.2)
      rack (>= 1.0)
    rake (10.1.0)
    rdoc (4.0.1)
      json (~> 1.4)
    rspec (2.14.1)
      rspec-core (~> 2.14.0)
      rspec-expectations (~> 2.14.0)
      rspec-mocks (~> 2.14.0)
    rspec-core (2.14.4)
    rspec-expectations (2.14.0)
      diff-lcs (>= 1.1.3, < 2.0)
    rspec-mocks (2.14.2)
    thread_safe (0.1.2)
      atomic
    tzinfo (0.3.37)
    xpath (2.0.0)
      nokogiri (~> 1.3)
    yard (0.8.7)

PLATFORMS
  ruby

DEPENDENCIES
  activesupport
  bundler
  capybara (~> 2.1.0)
  jeweler
  poltergeist
  rdoc
  rspec
  yard
